GEM
  remote: https://rubygems.org/
  specs:
    awesome_print (1.6.1)
    kramdown (1.11.1)
    puma (3.4.0)
    rack (1.6.4)
    rack-protection (1.5.3)
      rack
    rack-ssl-enforcer (0.2.9)
    sinatra (1.4.7)
      rack (~> 1.5)
      rack-protection (~> 1.4)
      tilt (>= 1.3, < 3)
    slim (3.0.7)
      temple (~> 0.7.6)
      tilt (>= 1.3.3, < 2.1)
    temple (0.7.7)
    tilt (2.0.4)

PLATFORMS
  ruby

DEPENDENCIES
  awesome_print
  kramdown
  puma
  rack-ssl-enforcer
  sinatra
  slim
